GEM
  remote: http://rubygems.org/
  specs:
    activesupport (3.0.1)
    builder (2.1.2)
    fakeweb (1.3.0)
    gemcutter (0.6.1)
    git (1.2.5)
    happymapper (0.3.2)
      libxml-ruby (~> 1.1.4)
    jeweler (1.4.0)
      gemcutter (>= 0.1.0)
      git (>= 1.2.5)
      rubyforge (>= 2.0.0)
    json_pure (1.4.6)
    libxml-ruby (1.1.4)
    mime-types (1.16)
    nokogiri (1.4.3.1)
    rake (0.8.7)
    rest-client (1.6.1)
      mime-types (>= 1.16)
    rspec (1.3.1)
    rubyforge (2.0.4)
      json_pure (>= 1.1.7)
    stale_fish (1.3.0)
      activesupport
      fakeweb

PLATFORMS
  ruby

DEPENDENCIES
  builder
  happymapper (>= 0.3.2)
  jeweler
  nokogiri (~> 1.4.3.1)
  rake
  rest-client (~> 1.6.0)
  rspec (~> 1.3.0)
  stale_fish (~> 1.3.0)
